GEM
  remote: https://rubygems.org/
  specs:
    amazing_print (1.2.1)
    dotenv (2.7.6)
    easypost (3.1.3)

PLATFORMS
  ruby

DEPENDENCIES
  amazing_print
  dotenv
  easypost

BUNDLED WITH
   2.1.2
